GEM
  remote: http://rubygems.org/
  specs:
    awesome_print (1.1.0)
    json (1.8.0)
    mime-types (1.24)
    mini_portile (0.5.1)
    nokogiri (1.6.0)
      mini_portile (~> 0.5.0)
    rake (10.1.0)
    rest-client (1.6.7)
      mime-types (>= 1.16)
    roo (1.12.1)
      nokogiri
      rubyzip
      spreadsheet (> 0.6.4)
    ruby-ole (1.2.11.7)
    rubyzip (1.0.0)
    spreadsheet (0.8.8)
      ruby-ole (>= 1.0)

PLATFORMS
  ruby

DEPENDENCIES
  awesome_print
  json
  rake
  rest-client
  roo
